GEM
  remote: https://rubygems.org/
  specs:
    date (3.3.3)
    json (2.6.3)
    mustermann (3.0.0)
      ruby2_keywords (~> 0.0.1)
    nokogiri (1.14.3-x86_64-linux)
      racc (~> 1.4)
    open-uri (0.3.0)
      stringio
      time
      uri
    racc (1.6.2)
    rack (2.2.7)
    rack-protection (3.0.6)
      rack
    ruby2_keywords (0.0.5)
    sinatra (3.0.6)
      mustermann (~> 3.0)
      rack (~> 2.2, >= 2.2.4)
      rack-protection (= 3.0.6)
      tilt (~> 2.0)
    stringio (3.0.6)
    tilt (2.1.0)
    time (0.2.2)
      date
    uri (0.12.1)

PLATFORMS
  x86_64-linux

DEPENDENCIES
  json
  nokogiri
  open-uri
  sinatra

BUNDLED WITH
   2.3.4
